RESTRICTION: == net8.0
NUGET
  remote: https://www.nuget.org/api/v2
    Avalonia (11.0.6)
      Avalonia.BuildServices (>= 0.0.29)
      Avalonia.Remote.Protocol (>= 11.0.6)
      MicroCom.Runtime (>= 0.11)
      System.ComponentModel.Annotations (>= 4.5)
    Avalonia.Angle.Windows.Natives (2.1.22087.20231008)
    Avalonia.BuildServices (0.0.29)
    Avalonia.Controls.DataGrid (11.0.6)
      Avalonia (>= 11.0.6)
      Avalonia.Remote.Protocol (>= 11.0.6)
    Avalonia.Desktop (11.0.6)
      Avalonia (>= 11.0.6)
      Avalonia.Native (>= 11.0.6)
      Avalonia.Skia (>= 11.0.6)
      Avalonia.Win32 (>= 11.0.6)
      Avalonia.X11 (>= 11.0.6)
    Avalonia.FreeDesktop (11.0.6)
      Avalonia (>= 11.0.6)
      Tmds.DBus.Protocol (>= 0.15)
    Avalonia.FuncUI (1.1)
      Avalonia (>= 11.0)
      Avalonia.Controls.DataGrid (>= 11.0)
      FSharp.Core (>= 7.0.400)
    Avalonia.FuncUI.Elmish (1.1)
      Avalonia.FuncUI (>= 1.1)
      Elmish (>= 4.0)
      FSharp.Core (>= 7.0.400)
    Avalonia.Native (11.0.6)
      Avalonia (>= 11.0.6)
    Avalonia.Remote.Protocol (11.0.6)
    Avalonia.Skia (11.0.6)
      Avalonia (>= 11.0.6)
      HarfBuzzSharp (>= 7.3)
      HarfBuzzSharp.NativeAssets.Linux (>= 7.3)
      HarfBuzzSharp.NativeAssets.WebAssembly (>= 7.3)
      SkiaSharp (>= 2.88.6)
      SkiaSharp.NativeAssets.Linux (>= 2.88.6)
      SkiaSharp.NativeAssets.WebAssembly (>= 2.88.6)
    Avalonia.Themes.Fluent (11.0.6)
      Avalonia (>= 11.0.6)
    Avalonia.Win32 (11.0.6)
      Avalonia (>= 11.0.6)
      Avalonia.Angle.Windows.Natives (>= 2.1.0.2023020321)
      System.Drawing.Common (>= 6.0)
      System.Numerics.Vectors (>= 4.5)
    Avalonia.X11 (11.0.6)
      Avalonia (>= 11.0.6)
      Avalonia.FreeDesktop (>= 11.0.6)
      Avalonia.Skia (>= 11.0.6)
    Elmish (4.1)
    Fable.Core (4.2)
    FSharp.Core (8.0.100)
    FsToolkit.ErrorHandling (4.13)
      FSharp.Core (>= 7.0.300)
    FsToolkit.ErrorHandling.TaskResult (4.13)
      FsToolkit.ErrorHandling (>= 4.13)
    HarfBuzzSharp (7.3)
      HarfBuzzSharp.NativeAssets.macOS (>= 7.3)
      HarfBuzzSharp.NativeAssets.Win32 (>= 7.3)
    HarfBuzzSharp.NativeAssets.Linux (7.3)
      HarfBuzzSharp (>= 7.3)
    HarfBuzzSharp.NativeAssets.macOS (7.3)
    HarfBuzzSharp.NativeAssets.WebAssembly (7.3)
    HarfBuzzSharp.NativeAssets.Win32 (7.3)
    LibGit2Sharp (0.29)
      LibGit2Sharp.NativeBinaries (2.0.321)
    LibGit2Sharp.NativeBinaries (2.0.321)
    MicroCom.Runtime (0.11)
    Microsoft.Win32.SystemEvents (8.0)
    Newtonsoft.Json (13.0.3)
    SkiaSharp (2.88.6)
      SkiaSharp.NativeAssets.macOS (>= 2.88.6)
      SkiaSharp.NativeAssets.Win32 (>= 2.88.6)
    SkiaSharp.NativeAssets.Linux (2.88.6)
      SkiaSharp (>= 2.88.6)
    SkiaSharp.NativeAssets.macOS (2.88.6)
    SkiaSharp.NativeAssets.WebAssembly (2.88.6)
    SkiaSharp.NativeAssets.Win32 (2.88.6)
    System.ComponentModel.Annotations (5.0)
    System.Drawing.Common (8.0)
      Microsoft.Win32.SystemEvents (>= 8.0)
    System.IO.Pipelines (8.0)
    System.Numerics.Vectors (4.5)
    Thoth.Json.Net (11.0)
      Fable.Core (>= 3.1.6)
      FSharp.Core (>= 4.7.2)
      Newtonsoft.Json (>= 11.0.2)
    Tmds.DBus.Protocol (0.15)
      System.IO.Pipelines (>= 6.0)
