RESTRICTION: == net8.0
NUGET
  remote: https://www.nuget.org/api/v2
    Avalonia (11.0.7)
      Avalonia.BuildServices (>= 0.0.29)
      Avalonia.Remote.Protocol (>= 11.0.7)
      MicroCom.Runtime (>= 0.11)
      System.ComponentModel.Annotations (>= 4.5)
    Avalonia.Angle.Windows.Natives (2.1.22087.20231008)
    Avalonia.BuildServices (0.0.29)
    Avalonia.Controls.ColorPicker (11.0.7)
      Avalonia (>= 11.0.7)
      Avalonia.Remote.Protocol (>= 11.0.7)
    Avalonia.Controls.DataGrid (11.0.7)
      Avalonia (>= 11.0.7)
      Avalonia.Remote.Protocol (>= 11.0.7)
    Avalonia.Controls.ItemsRepeater (11.0.7)
      Avalonia (>= 11.0.7)
    Avalonia.Desktop (11.0.7)
      Avalonia (>= 11.0.7)
      Avalonia.Native (>= 11.0.7)
      Avalonia.Skia (>= 11.0.7)
      Avalonia.Win32 (>= 11.0.7)
      Avalonia.X11 (>= 11.0.7)
    Avalonia.Diagnostics (11.0.7)
      Avalonia (>= 11.0.7)
      Avalonia.Controls.ColorPicker (>= 11.0.7)
      Avalonia.Controls.DataGrid (>= 11.0.7)
      Avalonia.Themes.Simple (>= 11.0.7)
      Microsoft.CodeAnalysis.Common (>= 3.8)
      Microsoft.CodeAnalysis.CSharp.Scripting (>= 3.8)
    Avalonia.FreeDesktop (11.0.7)
      Avalonia (>= 11.0.7)
      Tmds.DBus.Protocol (>= 0.15)
    Avalonia.FuncUI (1.2)
      Avalonia (>= 11.0)
      Avalonia.Controls.DataGrid (>= 11.0)
      FSharp.Core (>= 8.0.100)
    Avalonia.FuncUI.Elmish (1.2)
      Avalonia.FuncUI (>= 1.2)
      Elmish (>= 4.0)
      FSharp.Core (>= 8.0.100)
    Avalonia.Native (11.0.7)
      Avalonia (>= 11.0.7)
    Avalonia.Remote.Protocol (11.0.7)
    Avalonia.Skia (11.0.7)
      Avalonia (>= 11.0.7)
      HarfBuzzSharp (>= 7.3)
      HarfBuzzSharp.NativeAssets.Linux (>= 7.3)
      HarfBuzzSharp.NativeAssets.WebAssembly (>= 7.3)
      SkiaSharp (>= 2.88.7)
      SkiaSharp.NativeAssets.Linux (>= 2.88.7)
      SkiaSharp.NativeAssets.WebAssembly (>= 2.88.7)
    Avalonia.Themes.Fluent (11.0.7)
      Avalonia (>= 11.0.7)
    Avalonia.Themes.Simple (11.0.7)
      Avalonia (>= 11.0.7)
    Avalonia.Win32 (11.0.7)
      Avalonia (>= 11.0.7)
      Avalonia.Angle.Windows.Natives (>= 2.1.0.2023020321)
      System.Drawing.Common (>= 6.0)
      System.Numerics.Vectors (>= 4.5)
    Avalonia.X11 (11.0.7)
      Avalonia (>= 11.0.7)
      Avalonia.FreeDesktop (>= 11.0.7)
      Avalonia.Skia (>= 11.0.7)
    Elmish (4.1)
    Expecto (10.1)
      FSharp.Core (>= 7.0.200)
      Mono.Cecil (>= 0.11.4 < 1.0)
    Fable.Core (4.3)
    FSharp.Core (8.0.101)
    FsToolkit.ErrorHandling (4.15.1)
      FSharp.Core (>= 7.0.300)
    FsToolkit.ErrorHandling.TaskResult (4.15.1)
      FsToolkit.ErrorHandling (>= 4.15.1)
    HarfBuzzSharp (7.3.0.1)
      HarfBuzzSharp.NativeAssets.macOS (>= 7.3.0.1)
      HarfBuzzSharp.NativeAssets.Win32 (>= 7.3.0.1)
    HarfBuzzSharp.NativeAssets.Linux (7.3.0.1)
      HarfBuzzSharp (>= 7.3.0.1)
    HarfBuzzSharp.NativeAssets.macOS (7.3.0.1)
    HarfBuzzSharp.NativeAssets.WebAssembly (7.3.0.1)
    HarfBuzzSharp.NativeAssets.Win32 (7.3.0.1)
    LibGit2Sharp (0.29)
      LibGit2Sharp.NativeBinaries (2.0.321)
    LibGit2Sharp.NativeBinaries (2.0.321)
    MicroCom.Runtime (0.11)
    Microsoft.CodeAnalysis.Analyzers (3.3.4)
    Microsoft.CodeAnalysis.Common (4.8)
      Microsoft.CodeAnalysis.Analyzers (>= 3.3.4)
      System.Collections.Immutable (>= 7.0)
      System.Reflection.Metadata (>= 7.0)
      System.Runtime.CompilerServices.Unsafe (>= 6.0)
    Microsoft.CodeAnalysis.CSharp (4.8)
      Microsoft.CodeAnalysis.Common (4.8)
    Microsoft.CodeAnalysis.CSharp.Scripting (4.8)
      Microsoft.CodeAnalysis.Common (4.8)
      Microsoft.CodeAnalysis.CSharp (4.8)
      Microsoft.CodeAnalysis.Scripting.Common (4.8)
      Microsoft.CSharp (>= 4.7)
    Microsoft.CodeAnalysis.Scripting.Common (4.8)
      Microsoft.CodeAnalysis.Common (4.8)
    Microsoft.CodeCoverage (17.8)
    Microsoft.CSharp (4.7)
    Microsoft.NET.Test.Sdk (17.8)
      Microsoft.CodeCoverage (>= 17.8)
      Microsoft.TestPlatform.TestHost (>= 17.8)
    Microsoft.TestPlatform.ObjectModel (17.8)
      NuGet.Frameworks (>= 6.5)
      System.Reflection.Metadata (>= 1.6)
    Microsoft.TestPlatform.TestHost (17.8)
      Microsoft.TestPlatform.ObjectModel (>= 17.8)
      Newtonsoft.Json (>= 13.0.1)
    Microsoft.Win32.SystemEvents (8.0)
    Mono.Cecil (0.11.5)
    Newtonsoft.Json (13.0.3)
    NuGet.Frameworks (6.8)
    SkiaSharp (2.88.7)
      SkiaSharp.NativeAssets.macOS (>= 2.88.7)
      SkiaSharp.NativeAssets.Win32 (>= 2.88.7)
    SkiaSharp.NativeAssets.Linux (2.88.7)
      SkiaSharp (>= 2.88.7)
    SkiaSharp.NativeAssets.macOS (2.88.7)
    SkiaSharp.NativeAssets.WebAssembly (2.88.7)
    SkiaSharp.NativeAssets.Win32 (2.88.7)
    System.Collections.Immutable (8.0)
    System.ComponentModel.Annotations (5.0)
    System.Drawing.Common (8.0.1)
      Microsoft.Win32.SystemEvents (>= 8.0)
    System.IO.Pipelines (8.0)
    System.Numerics.Vectors (4.5)
    System.Reflection.Metadata (8.0)
      System.Collections.Immutable (>= 8.0)
    System.Runtime.CompilerServices.Unsafe (6.0)
    Thoth.Json.Net (11.0)
      Fable.Core (>= 3.1.6)
      FSharp.Core (>= 4.7.2)
      Newtonsoft.Json (>= 11.0.2)
    Tmds.DBus.Protocol (0.15)
      System.IO.Pipelines (>= 6.0)
    YoloDev.Expecto.TestSdk (0.14.3)
      Expecto (>= 10.0 < 11.0)
      FSharp.Core (>= 7.0.200)
      System.Collections.Immutable (>= 6.0)
